GEM
  remote: https://rubygems.org/
  specs:
    byebug (11.1.3)
    coderay (1.1.3)
    dotenv (2.7.6)
    erubi (1.10.0)
    json (2.5.1)
    method_source (1.0.0)
    pry (0.13.1)
      coderay (~> 1.1)
      method_source (~> 1.0)
    pry-byebug (3.9.0)
      byebug (~> 11.0)
      pry (~> 0.13.0)
    rack (2.2.3)
    recaptcha (5.8.1)
      json
    roda (3.48.0)
      rack
    tilt (2.0.10)
    webrick (1.7.0)

PLATFORMS
  x86_64-darwin-19

DEPENDENCIES
  dotenv
  erubi
  pry-byebug
  recaptcha
  roda
  tilt
  webrick

BUNDLED WITH
   2.2.15
